GIT
  remote: https://github.com/psu-stewardship/etda_utilities.git
  revision: a16d4592bd9980c5f56f0233a2d91fead8556e4c
  branch: master
  specs:
    etda_utilities (0.15.0)

GIT
  remote: https://github.com/stefanpenner/country_select.git
  revision: dec79e6132f76560d55aae956704e066efd61383
  branch: master
  specs:
    country_select (4.0.0)
      countries (~> 3.0)
      sort_alphabetical (~> 1.0)

GEM
  remote: https://rubygems.org/
  specs:
    actioncable (6.0.3.5)
      actionpack (= 6.0.3.5)
      nio4r (~> 2.0)
      websocket-driver (>= 0.6.1)
    actionmailbox (6.0.3.5)
      actionpack (= 6.0.3.5)
      activejob (= 6.0.3.5)
      activerecord (= 6.0.3.5)
      activestorage (= 6.0.3.5)
      activesupport (= 6.0.3.5)
      mail (>= 2.7.1)
    actionmailer (6.0.3.5)
      actionpack (= 6.0.3.5)
      actionview (= 6.0.3.5)
      activejob (= 6.0.3.5)
      mail (~> 2.5, >= 2.5.4)
      rails-dom-testing (~> 2.0)
    actionpack (6.0.3.5)
      actionview (= 6.0.3.5)
      activesupport (= 6.0.3.5)
      rack (~> 2.0, >= 2.0.8)
      rack-test (>= 0.6.3)
      rails-dom-testing (~> 2.0)
      rails-html-sanitizer (~> 1.0, >= 1.2.0)
    actiontext (6.0.3.5)
      actionpack (= 6.0.3.5)
      activerecord (= 6.0.3.5)
      activestorage (= 6.0.3.5)
      activesupport (= 6.0.3.5)
      nokogiri (>= 1.8.5)
    actionview (6.0.3.5)
      activesupport (= 6.0.3.5)
      builder (~> 3.1)
      erubi (~> 1.4)
      rails-dom-testing (~> 2.0)
      rails-html-sanitizer (~> 1.1, >= 1.2.0)
    activejob (6.0.3.5)
      activesupport (= 6.0.3.5)
      globalid (>= 0.3.6)
    activemodel (6.0.3.5)
      activesupport (= 6.0.3.5)
    activerecord (6.0.3.5)
      activemodel (= 6.0.3.5)
      activesupport (= 6.0.3.5)
    activestorage (6.0.3.5)
      actionpack (= 6.0.3.5)
      activejob (= 6.0.3.5)
      activerecord (= 6.0.3.5)
      marcel (~> 0.3.1)
    activesupport (6.0.3.5)
      concurrent-ruby (~> 1.0, >= 1.0.2)
      i18n (>= 0.7, < 2)
      minitest (~> 5.1)
      tzinfo (~> 1.1)
      zeitwerk (~> 2.2, >= 2.2.2)
    addressable (2.7.0)
      public_suffix (>= 2.0.2, < 5.0)
    airbrussh (1.4.0)
      sshkit (>= 1.6.1, != 1.7.0)
    ast (2.4.0)
    bcrypt (3.1.13)
    bcrypt_pbkdf (1.0.1)
    bindex (0.8.1)
    builder (3.2.4)
    bundler-audit (0.6.1)
      bundler (>= 1.2.0, < 3)
      thor (~> 0.18)
    byebug (11.1.2)
    cancancan (3.1.0)
    capistrano (3.13.0)
      airbrussh (>= 1.0.0)
      i18n
      rake (>= 10.0.0)
      sshkit (>= 1.9.0)
    capistrano-bundler (1.6.0)
      capistrano (~> 3.1)
    capistrano-passenger (0.2.0)
      capistrano (~> 3.0)
    capistrano-rails (1.4.0)
      capistrano (~> 3.1)
      capistrano-bundler (~> 1.1)
    capistrano-rbenv (2.1.6)
      capistrano (~> 3.1)
      sshkit (~> 1.3)
    capistrano-rbenv-install (1.2.0)
      capistrano (>= 3.0)
      capistrano-rbenv (>= 2.0)
    capybara (2.18.0)
      addressable
      mini_mime (>= 0.1.3)
      nokogiri (>= 1.3.3)
      rack (>= 1.0.0)
      rack-test (>= 0.5.4)
      xpath (>= 2.0, < 4.0)
    capybara-email (3.0.1)
      capybara (>= 2.4, < 4.0)
      mail
    caracal (1.4.1)
      nokogiri (~> 1.6)
      rubyzip (~> 1.1)
      tilt (>= 1.4)
    carrierwave (1.3.2)
      activemodel (>= 4.0.0)
      activesupport (>= 4.0.0)
      mime-types (>= 1.16)
      ssrf_filter (~> 1.0)
    chronic (0.10.2)
    clam_scan (0.0.2)
    cliver (0.3.2)
    cocoon (1.2.14)
    concurrent-ruby (1.1.8)
    connection_pool (2.2.3)
    countries (3.0.1)
      i18n_data (~> 0.10.0)
      sixarm_ruby_unaccent (~> 1.1)
      unicode_utils (~> 1.4)
    crack (0.4.3)
      safe_yaml (~> 1.0.0)
    crass (1.0.6)
    database_cleaner (1.8.4)
    ddtrace (0.34.2)
      msgpack
    devise (4.7.1)
      bcrypt (~> 3.0)
      orm_adapter (~> 0.1)
      railties (>= 4.1.0)
      responders
      warden (~> 1.2.3)
    diff-lcs (1.3)
    docile (1.3.2)
    domain_name (0.5.20190701)
      unf (>= 0.0.5, < 1.0.0)
    ed25519 (1.2.4)
    enumerize (2.3.1)
      activesupport (>= 3.2)
    erubi (1.10.0)
    factory_bot (5.2.0)
      activesupport (>= 4.2.0)
    factory_bot_rails (5.2.0)
      factory_bot (~> 5.2.0)
      railties (>= 4.2.0)
    faker (2.11.0)
      i18n (>= 1.6, < 2)
    faraday (1.0.1)
      multipart-post (>= 1.2, < 3)
    ffi (1.12.2)
    font-awesome-rails (4.7.0.5)
      railties (>= 3.2, < 6.1)
    globalid (0.4.2)
      activesupport (>= 4.2.0)
    hashdiff (1.0.1)
    http-accept (1.7.0)
    http-cookie (1.0.3)
      domain_name (~> 0.5)
    i18n (1.8.9)
      concurrent-ruby (~> 1.0)
    i18n_data (0.10.0)
    jaro_winkler (1.5.4)
    jbuilder (2.10.0)
      activesupport (>= 5.0.0)
    jquery-rails (4.3.5)
      rails-dom-testing (>= 1, < 3)
      railties (>= 4.2.0)
      thor (>= 0.14, < 2.0)
    jquery-ui-rails (6.0.1)
      railties (>= 3.2.16)
    json (2.3.0)
    launchy (2.5.0)
      addressable (~> 2.7)
    listen (3.1.5)
      rb-fsevent (~> 0.9, >= 0.9.4)
      rb-inotify (~> 0.9, >= 0.9.7)
      ruby_dep (~> 1.2)
    lograge (0.11.2)
      actionpack (>= 4)
      activesupport (>= 4)
      railties (>= 4)
      request_store (~> 1.0)
    lograge-sql (1.1.0)
      activerecord (>= 4, < 7.0)
      lograge (~> 0.4)
    logstash-event (1.2.02)
    loofah (2.9.0)
      crass (~> 1.0.2)
      nokogiri (>= 1.5.9)
    mail (2.7.1)
      mini_mime (>= 0.1.1)
    mail_form (1.8.0)
      actionmailer (>= 5.0)
      activemodel (>= 5.0)
    marcel (0.3.3)
      mimemagic (~> 0.3.2)
    method_source (1.0.0)
    mime-types (3.3.1)
      mime-types-data (~> 3.2015)
    mime-types-data (3.2020.1104)
    mimemagic (0.3.7)
      nokogiri (~> 1.11.2)
    mini_magick (4.10.1)
    mini_mime (1.0.2)
    mini_portile2 (2.5.0)
    minitest (5.14.4)
    mono_logger (1.1.0)
    msgpack (1.3.3)
    multi_json (1.14.1)
    multipart-post (2.1.1)
    mustermann (1.1.1)
      ruby2_keywords (~> 0.0.1)
    mysql2 (0.5.3)
    net-ldap (0.16.2)
    net-scp (1.2.1)
      net-ssh (>= 2.6.5)
    net-ssh (6.0.0)
    netrc (0.11.0)
    nio4r (2.5.7)
    nokogiri (1.11.2)
      mini_portile2 (~> 2.5.0)
      racc (~> 1.4)
    okcomputer (1.18.1)
    orm_adapter (0.5.0)
    parallel (1.19.1)
    parser (2.7.1.1)
      ast (~> 2.4.0)
    pdf-core (0.7.0)
    poltergeist (1.18.1)
      capybara (>= 2.1, < 4)
      cliver (~> 0.3.1)
      websocket-driver (>= 0.2.0)
    powerpack (0.1.2)
    prawn (2.2.2)
      pdf-core (~> 0.7.0)
      ttfunk (~> 1.5)
    public_suffix (4.0.5)
    puma (4.3.5)
      nio4r (~> 2.0)
    racc (1.5.2)
    rack (2.1.4)
    rack-protection (2.0.8.1)
      rack
    rack-proxy (0.6.5)
      rack
    rack-test (1.1.0)
      rack (>= 1.0, < 3)
    rails (6.0.3.5)
      actioncable (= 6.0.3.5)
      actionmailbox (= 6.0.3.5)
      actionmailer (= 6.0.3.5)
      actionpack (= 6.0.3.5)
      actiontext (= 6.0.3.5)
      actionview (= 6.0.3.5)
      activejob (= 6.0.3.5)
      activemodel (= 6.0.3.5)
      activerecord (= 6.0.3.5)
      activestorage (= 6.0.3.5)
      activesupport (= 6.0.3.5)
      bundler (>= 1.3.0)
      railties (= 6.0.3.5)
      sprockets-rails (>= 2.0.0)
    rails-controller-testing (1.0.4)
      actionpack (>= 5.0.1.x)
      actionview (>= 5.0.1.x)
      activesupport (>= 5.0.1.x)
    rails-dom-testing (2.0.3)
      activesupport (>= 4.2.0)
      nokogiri (>= 1.6)
    rails-html-sanitizer (1.3.0)
      loofah (~> 2.3)
    railties (6.0.3.5)
      actionpack (= 6.0.3.5)
      activesupport (= 6.0.3.5)
      method_source
      rake (>= 0.8.7)
      thor (>= 0.20.3, < 2.0)
    rainbow (3.0.0)
    rake (13.0.3)
    rb-fsevent (0.10.3)
    rb-inotify (0.10.1)
      ffi (~> 1.0)
    redis (4.1.4)
    redis-namespace (1.7.0)
      redis (>= 3.0.4)
    request_store (1.5.0)
      rack (>= 1.4)
    responders (3.0.0)
      actionpack (>= 5.0)
      railties (>= 5.0)
    resque (2.0.0)
      mono_logger (~> 1.0)
      multi_json (~> 1.0)
      redis-namespace (~> 1.6)
      sinatra (>= 0.9.2)
      vegas (~> 0.1.2)
    resque-pool (0.7.1)
      rake (>= 10.0, < 14.0)
      resque (>= 1.22, < 3)
    rest-client (2.1.0)
      http-accept (>= 1.7.0, < 2.0)
      http-cookie (>= 1.0.2, < 2.0)
      mime-types (>= 1.16, < 4.0)
      netrc (~> 0.8)
    rsolr (2.3.0)
      builder (>= 2.1.2)
      faraday (>= 0.9.0)
    rspec-core (3.9.1)
      rspec-support (~> 3.9.1)
    rspec-expectations (3.9.1)
      diff-lcs (>= 1.2.0, < 2.0)
      rspec-support (~> 3.9.0)
    rspec-mocks (3.9.1)
      diff-lcs (>= 1.2.0, < 2.0)
      rspec-support (~> 3.9.0)
    rspec-rails (4.0.0)
      actionpack (>= 4.2)
      activesupport (>= 4.2)
      railties (>= 4.2)
      rspec-core (~> 3.9)
      rspec-expectations (~> 3.9)
      rspec-mocks (~> 3.9)
      rspec-support (~> 3.9)
    rspec-retry (0.6.2)
      rspec-core (> 3.3)
    rspec-support (3.9.2)
    rubocop (0.61.1)
      jaro_winkler (~> 1.5.1)
      parallel (~> 1.10)
      parser (>= 2.5, != 2.5.1.1)
      powerpack (~> 0.1)
      rainbow (>= 2.2.2, < 4.0)
      ruby-progressbar (~> 1.7)
      unicode-display_width (~> 1.4.0)
    rubocop-rspec (1.30.1)
      rubocop (>= 0.60.0)
    ruby-progressbar (1.10.1)
    ruby2_keywords (0.0.2)
    ruby_dep (1.5.0)
    rubyzip (1.3.0)
    safe_yaml (1.0.5)
    sassc (2.3.0)
      ffi (~> 1.9)
    sassc-rails (2.1.2)
      railties (>= 4.0.0)
      sassc (>= 2.0)
      sprockets (> 3.0)
      sprockets-rails
      tilt
    seedbank (0.5.0)
      rake (>= 10.0)
    semantic_range (3.0.0)
    shoulda-matchers (4.3.0)
      activesupport (>= 4.2.0)
    sidekiq (5.2.9)
      connection_pool (~> 2.2, >= 2.2.2)
      rack (~> 2.0)
      rack-protection (>= 1.5.0)
      redis (>= 3.3.5, < 4.2)
    simple_form (5.0.2)
      actionpack (>= 5.0)
      activemodel (>= 5.0)
    simplecov (0.17.1)
      docile (~> 1.1)
      json (>= 1.8, < 3)
      simplecov-html (~> 0.10.0)
    simplecov-html (0.10.2)
    sinatra (2.0.8.1)
      mustermann (~> 1.0)
      rack (~> 2.0)
      rack-protection (= 2.0.8.1)
      tilt (~> 2.0)
    sixarm_ruby_unaccent (1.2.0)
    sort_alphabetical (1.1.0)
      unicode_utils (>= 1.2.2)
    spring (2.1.0)
    spring-watcher-listen (2.0.1)
      listen (>= 2.7, < 4.0)
      spring (>= 1.2, < 3.0)
    sprockets (3.7.2)
      concurrent-ruby (~> 1.0)
      rack (> 1, < 3)
    sprockets-rails (3.2.2)
      actionpack (>= 4.0)
      activesupport (>= 4.0)
      sprockets (>= 3.0.0)
    sshkit (1.21.0)
      net-scp (>= 1.1.2)
      net-ssh (>= 2.8.0)
    ssrf_filter (1.0.7)
    thor (0.20.3)
    thread_safe (0.3.6)
    tilt (2.0.10)
    ttfunk (1.6.2.1)
    tzinfo (1.2.9)
      thread_safe (~> 0.1)
    unf (0.1.4)
      unf_ext
    unf_ext (0.0.7.7)
    unicode-display_width (1.4.1)
    unicode_utils (1.4.0)
    vegas (0.1.11)
      rack (>= 1.0.0)
    warden (1.2.8)
      rack (>= 2.0.6)
    web-console (4.0.1)
      actionview (>= 6.0.0)
      activemodel (>= 6.0.0)
      bindex (>= 0.4.0)
      railties (>= 6.0.0)
    webmock (3.8.3)
      addressable (>= 2.3.6)
      crack (>= 0.3.2)
      hashdiff (>= 0.4.0, < 2.0.0)
    webpacker (6.0.0.pre.2)
      activesupport (>= 5.2)
      rack-proxy (>= 0.6.1)
      railties (>= 5.2)
      semantic_range (>= 2.3.0)
    websocket-driver (0.7.3)
      websocket-extensions (>= 0.1.0)
    websocket-extensions (0.1.5)
    whenever (1.0.0)
      chronic (>= 0.6.3)
    xpath (3.2.0)
      nokogiri (~> 1.8)
    zeitwerk (2.4.2)

PLATFORMS
  ruby

DEPENDENCIES
  bcrypt_pbkdf (~> 1.0.0)
  bundler-audit (~> 0.6.0)
  byebug (~> 11.1.0)
  cancancan (~> 3.1.0)
  capistrano (~> 3.10)
  capistrano-bundler (~> 1.2)
  capistrano-passenger (~> 0.2.0)
  capistrano-rails (~> 1.2)
  capistrano-rbenv (~> 2.1)
  capistrano-rbenv-install (~> 1.2.0)
  capybara (~> 2.18)
  capybara-email
  caracal (~> 1.4.0)
  carrierwave (~> 1.3.0)
  clam_scan (~> 0.0.0)
  cocoon (~> 1.2.0)
  country_select!
  database_cleaner (~> 1.8.0)
  ddtrace (~> 0.33)
  devise (>= 4.7.1)
  ed25519 (~> 1.2.4)
  enumerize (~> 2.3.0)
  etda_utilities!
  factory_bot_rails (~> 5.0)
  faker (~> 2.11.0)
  font-awesome-rails (~> 4.7.0.0)
  jbuilder (~> 2.5)
  jquery-rails (~> 4.3.0)
  jquery-ui-rails (~> 6.0.0)
  launchy (~> 2.5.0)
  listen (>= 3.0.5, < 3.2)
  lograge (~> 0.11.0)
  lograge-sql (~> 1.1.0)
  logstash-event (~> 1.2.0)
  mail_form (~> 1.8.0)
  mini_magick (>= 4.9.4)
  mysql2
  net-ldap (~> 0.16.1)
  okcomputer (~> 1.18.0)
  poltergeist (~> 1.18.0)
  prawn (~> 2.2.0)
  puma (>= 4.3.0)
  rack (= 2.1.4)
  rails (~> 6.0.0)
  rails-controller-testing (~> 1.0.0)
  redis (~> 4.1.0)
  resque-pool (~> 0.7.0)
  rest-client (~> 2.1.0)
  rsolr (~> 2.3.0)
  rspec-rails (~> 4.0.0)
  rspec-retry (~> 0.6.0)
  rubocop (~> 0.61.1)
  rubocop-rspec (~> 1.30.1)
  sassc-rails (~> 2.1.0)
  seedbank (~> 0.5.0)
  shoulda-matchers (~> 4.3.0)
  sidekiq (~> 5.2.9)
  simple_form (>= 5.0.0)
  simplecov (~> 0.17.0)
  spring (~> 2.1.0)
  spring-watcher-listen (~> 2.0.0)
  sprockets (~> 3.7.2)
  web-console (>= 3.3.0)
  webmock (~> 3.8.0)
  webpacker (~> 6.0.0.beta.6)
  whenever (~> 1.0.0)

RUBY VERSION
   ruby 2.6.6p146

BUNDLED WITH
   2.0.2
